GIT
  remote: git://github.com/MusikAnimal/mediawiki-gateway.git
  revision: 0cad0d28b92b763f0ecfe58ff86ac399340fdac6
  branch: master
  specs:
    mediawiki-gateway (1.2.2)
      rest-client (~> 1.7)

GEM
  remote: https://rubygems.org/
  specs:
    byebug (8.2.1)
    coderay (1.1.0)
    countries (2.1.4)
      i18n_data (~> 0.8.0)
      money (~> 6.9)
      sixarm_ruby_unaccent (~> 1.1)
      unicode_utils (~> 1.4)
    domain_name (0.5.20161129)
      unf (>= 0.0.5, < 1.0.0)
    http-cookie (1.0.3)
      domain_name (~> 0.5)
    httparty (0.13.7)
      json (~> 1.8)
      multi_xml (>= 0.5.2)
    i18n (0.7.0)
    i18n_data (0.8.0)
    json (1.8.3)
    method_source (0.8.2)
    mime-types (2.99.3)
    mini_portile2 (2.3.0)
    money (6.13.0)
      i18n (>= 0.6.4, <= 2)
    multi_xml (0.5.5)
    mysql2 (0.4.5)
    netrc (0.11.0)
    nokogiri (1.8.1)
      mini_portile2 (~> 2.3.0)
    pry (0.10.3)
      coderay (~> 1.1.0)
      method_source (~> 0.8.1)
      slop (~> 3.4)
    pry-byebug (3.3.0)
      byebug (~> 8.0)
      pry (~> 0.10)
    redis (3.2.2)
    rest-client (1.8.0)
      http-cookie (>= 1.0.2, < 2.0)
      mime-types (>= 1.16, < 3.0)
      netrc (~> 0.7)
    sixarm_ruby_unaccent (1.2.0)
    slop (3.6.0)
    unf (0.1.4)
      unf_ext
    unf_ext (0.0.7.2)
    unicode (0.4.4.2)
    unicode_utils (1.4.0)

PLATFORMS
  ruby

DEPENDENCIES
  countries (= 2.1.4)
  httparty (= 0.13.7)
  i18n (= 0.7.0)
  mediawiki-gateway!
  mysql2 (= 0.4.5)
  nokogiri (= 1.8.1)
  pry-byebug (= 3.3.0)
  redis (= 3.2.2)
  unicode (~> 0.4.4)

BUNDLED WITH
   1.12.5
