GIT
  remote: https://github.com/MusikAnimal/mediawiki-gateway.git
  revision: 6bc2bc54be694e0c4fa4caef2d3bd5b3492b4946
  branch: master
  specs:
    mediawiki-gateway (1.2.6)
      rest-client (~> 2.0)

GEM
  remote: https://rubygems.org/
  specs:
    addressable (2.6.0)
      public_suffix (>= 2.0.2, < 4.0)
    byebug (8.2.5)
    cinch (2.3.4)
    coderay (1.1.2)
    cookiejar (0.3.3)
    countries (2.1.4)
      i18n_data (~> 0.8.0)
      money (~> 6.9)
      sixarm_ruby_unaccent (~> 1.1)
      unicode_utils (~> 1.4)
    domain_name (0.5.20190701)
      unf (>= 0.0.5, < 1.0.0)
    em-eventsource (0.3.1)
      em-http-request (~> 1.0)
      eventmachine (~> 1.0)
    em-http-request (1.1.5)
      addressable (>= 2.3.4)
      cookiejar (!= 0.3.1)
      em-socksify (>= 0.3)
      eventmachine (>= 1.0.3)
      http_parser.rb (>= 0.6.0)
    em-socksify (0.3.2)
      eventmachine (>= 1.0.0.beta.4)
    eventmachine (1.2.7)
    http-accept (1.7.0)
    http-cookie (1.0.3)
      domain_name (~> 0.5)
    http_parser.rb (0.6.0)
    httparty (0.16.2)
      multi_xml (>= 0.5.2)
    i18n (0.7.0)
    i18n_data (0.8.0)
    method_source (0.9.2)
    mime-types (3.3.1)
      mime-types-data (~> 3.2015)
    mime-types-data (3.2019.1009)
    mini_portile2 (2.4.0)
    money (6.13.1)
      i18n (>= 0.6.4, <= 2)
    multi_xml (0.6.0)
    mysql2 (0.5.2)
    netrc (0.11.0)
    nokogiri (1.10.8)
      mini_portile2 (~> 2.4.0)
    pry (0.12.2)
      coderay (~> 1.1.0)
      method_source (~> 0.9.0)
    pry-byebug (3.3.0)
      byebug (~> 8.0)
      pry (~> 0.10)
    public_suffix (3.0.3)
    redis (3.2.2)
    rest-client (2.1.0)
      http-accept (>= 1.7.0, < 2.0)
      http-cookie (>= 1.0.2, < 2.0)
      mime-types (>= 1.16, < 4.0)
      netrc (~> 0.8)
    sixarm_ruby_unaccent (1.2.0)
    unf (0.1.4)
      unf_ext
    unf_ext (0.0.7.6)
    unicode (0.4.4.4)
    unicode_utils (1.4.0)

PLATFORMS
  ruby

DEPENDENCIES
  cinch (= 2.3.4)
  countries (= 2.1.4)
  em-eventsource (= 0.3.1)
  httparty (= 0.16.2)
  i18n (= 0.7.0)
  mediawiki-gateway!
  mysql2 (= 0.5.2)
  nokogiri (= 1.10.8)
  pry-byebug
  redis (= 3.2.2)
  unicode (~> 0.4.4)

BUNDLED WITH
   2.0.1
