GIT
  remote: https://github.com/MusikAnimal/mediawiki-gateway.git
  revision: 793b6b79b9dfefafdeeec029dce4ac921be3c941
  branch: master
  specs:
    mediawiki-gateway (1.2.7)
      rest-client (~> 2.0)

GIT
  remote: https://github.com/blolol/cinch.git
  revision: 7d8d4855b6249a7af9f1c3ed64a05f4533adb887
  tag: v2.3.5
  specs:
    cinch (2.3.5)

GEM
  remote: https://rubygems.org/
  specs:
    addressable (2.8.0)
      public_suffix (>= 2.0.2, < 5.0)
    coderay (1.1.3)
    cookiejar (0.3.3)
    countries (2.1.4)
      i18n_data (~> 0.8.0)
      money (~> 6.9)
      sixarm_ruby_unaccent (~> 1.1)
      unicode_utils (~> 1.4)
    domain_name (0.5.20190701)
      unf (>= 0.0.5, < 1.0.0)
    em-eventsource (0.3.1)
      em-http-request (~> 1.0)
      eventmachine (~> 1.0)
    em-http-request (1.1.7)
      addressable (>= 2.3.4)
      cookiejar (!= 0.3.1)
      em-socksify (>= 0.3)
      eventmachine (>= 1.0.3)
      http_parser.rb (>= 0.6.0)
    em-socksify (0.3.2)
      eventmachine (>= 1.0.0.beta.4)
    eventmachine (1.2.7)
    http-accept (1.7.0)
    http-cookie (1.0.4)
      domain_name (~> 0.5)
    http_parser.rb (0.8.0)
    httparty (0.20.0)
      mime-types (~> 3.0)
      multi_xml (>= 0.5.2)
    i18n (0.8.0)
    i18n_data (0.8.0)
    method_source (1.0.0)
    mime-types (3.4.1)
      mime-types-data (~> 3.2015)
    mime-types-data (3.2022.0105)
    mini_portile2 (2.8.0)
    money (6.16.0)
      i18n (>= 0.6.4, <= 2)
    multi_xml (0.6.0)
    mysql2 (0.5.4)
    netrc (0.11.0)
    nokogiri (1.13.4)
      mini_portile2 (~> 2.8.0)
      racc (~> 1.4)
    pry (0.14.1)
      coderay (~> 1.1)
      method_source (~> 1.0)
    public_suffix (4.0.7)
    racc (1.6.0)
    redis (4.6.0)
    rest-client (2.1.0)
      http-accept (>= 1.7.0, < 2.0)
      http-cookie (>= 1.0.2, < 2.0)
      mime-types (>= 1.16, < 4.0)
      netrc (~> 0.8)
    sixarm_ruby_unaccent (1.2.0)
    unf (0.1.4)
      unf_ext
    unf_ext (0.0.8.1)
    unicode (0.4.4.4)
    unicode_utils (1.4.0)

PLATFORMS
  ruby

DEPENDENCIES
  cinch!
  countries (= 2.1.4)
  em-eventsource (= 0.3.1)
  httparty
  i18n (= 0.8.0)
  mediawiki-gateway!
  mysql2
  nokogiri (~> 1.13.4)
  pry
  redis
  unicode

BUNDLED WITH
   2.4.12
